PATH
  remote: .
  specs:
    sigure (0.1.0)
      addressable (~> 2.0.0)
      starry (~> 0.1.0)

GEM
  remote: https://rubygems.org/
  specs:
    addressable (2.0.2)
    cicphash (2.0.0)
    diff-lcs (1.5.0)
    rspec (3.12.0)
      rspec-core (~> 3.12.0)
      rspec-expectations (~> 3.12.0)
      rspec-mocks (~> 3.12.0)
    rspec-core (3.12.2)
      rspec-support (~> 3.12.0)
    rspec-expectations (3.12.3)
      diff-lcs (>= 1.2.0, < 2.0)
      rspec-support (~> 3.12.0)
    rspec-mocks (3.12.6)
      diff-lcs (>= 1.2.0, < 2.0)
      rspec-support (~> 3.12.0)
    rspec-support (3.12.1)
    starry (0.1.0)

PLATFORMS
  ruby

DEPENDENCIES
  cicphash
  rspec
  sigure!

BUNDLED WITH
   2.4.10
